GEM
  remote: https://rubygems.org/
  specs:
    dbi (0.4.5)
      deprecated (= 2.0.1)
    deprecated (2.0.1)

PLATFORMS
  ruby

DEPENDENCIES
  dbi

BUNDLED WITH
   2.1.4
